GEM
  remote: https://rubygems.org/
  specs:
    columnize (0.3.6)
    debugger (1.2.3)
      columnize (>= 0.3.1)
      debugger-linecache (~> 1.1.1)
      debugger-ruby_core_source (~> 1.1.5)
    debugger-linecache (1.1.2)
      debugger-ruby_core_source (>= 1.1.1)
    debugger-ruby_core_source (1.1.9)
    mysql (2.9.1)

PLATFORMS
  ruby

DEPENDENCIES
  debugger
  mysql
